GEM
  remote: http://www.rubygems.org/
  specs:
    activesupport (2.3.14)
    builder (3.0.0)
    capybara (0.3.9)
      culerity (>= 0.2.4)
      mime-types (>= 1.16)
      nokogiri (>= 1.3.3)
      rack (>= 1.0.0)
      rack-test (>= 0.5.4)
      selenium-webdriver (>= 0.0.3)
    childprocess (0.2.3)
      ffi (~> 1.0.6)
    cucumber (0.6.4)
      builder (>= 2.1.2)
      diff-lcs (>= 1.1.2)
      json_pure (>= 1.2.0)
      polyglot (>= 0.2.9)
      term-ansicolor (>= 1.0.4)
      treetop (>= 1.4.2)
    culerity (0.2.15)
    diff-lcs (1.1.3)
    ffi (1.0.11)
    gherkin (2.6.8)
      json (>= 1.4.6)
    gizmo (0.1.1)
      activesupport (~> 2.3.5)
      nokogiri (>= 1.4.1)
      tilt (>= 1.0.1)
    json (1.6.3)
    json_pure (1.6.3)
    mime-types (1.17.2)
    multi_json (1.0.4)
    nokogiri (1.5.0)
    polyglot (0.3.3)
    rack (1.3.5)
    rack-test (0.6.1)
      rack (>= 1.0)
    rake (0.8.7)
    rspec (1.2.8)
    rspec-core (2.7.1)
    rspec-expectations (2.7.0)
      diff-lcs (~> 1.1.2)
    rspec-mocks (2.7.0)
    rubyzip (0.9.5)
    selenium-webdriver (2.14.0)
      childprocess (>= 0.2.1)
      ffi (~> 1.0.9)
      multi_json (~> 1.0.4)
      rubyzip
    term-ansicolor (1.0.7)
    tilt (1.3.3)
    treetop (1.4.10)
      polyglot
      polyglot (>= 0.3.1)
    xpath (0.1.4)
      nokogiri (~> 1.3)

PLATFORMS
  ruby

DEPENDENCIES
  activesupport
  builder
  capybara
  childprocess
  cucumber
  diff-lcs
  ffi
  gherkin
  gizmo
  json
  mime-types
  multi_json
  nokogiri
  rack
  rack-test
  rake
  rspec
  rspec-core
  rspec-expectations
  rspec-mocks
  rubyzip
  selenium-webdriver
  term-ansicolor
  tilt
  xpath
